GEM
  remote: https://rubygems.org/
  specs:
    backports (3.1.1)
    columnize (0.3.6)
    debugger (1.5.0)
      columnize (>= 0.3.1)
      debugger-linecache (~> 1.2.0)
      debugger-ruby_core_source (~> 1.2.0)
    debugger-linecache (1.2.0)
    debugger-ruby_core_source (1.2.0)
    eventmachine (1.0.3)
    haml (4.0.1)
      tilt
    i18n (0.6.1)
    listen (0.7.3)
    puma (1.6.3)
      rack (~> 1.2)
    rack (1.5.2)
    rack-protection (1.5.0)
      rack
    rack-test (0.6.2)
      rack (>= 1.0)
    rb-fsevent (0.9.3)
    redcarpet (2.2.2)
    rerun (0.8.0)
      listen
    sinatra (1.3.6)
      rack (~> 1.4)
      rack-protection (~> 1.3)
      tilt (~> 1.3, >= 1.3.3)
    sinatra-contrib (1.3.2)
      backports (>= 2.0)
      eventmachine
      rack-protection
      rack-test
      sinatra (~> 1.3.0)
      tilt (~> 1.3)
    sinatra-i18n (0.1.0)
    tilt (1.3.6)
    unindent (1.0)

PLATFORMS
  ruby

DEPENDENCIES
  debugger
  haml
  i18n
  puma
  rb-fsevent
  redcarpet
  rerun
  sinatra
  sinatra-contrib
  sinatra-i18n
  unindent
